GEM
  remote: https://rubygems.org/
  specs:
    backports (3.6.8)
    diff-lcs (1.2.5)
    imdb (0.8.2)
      nokogiri (= 1.6.2.1)
    mini_portile (0.6.0)
    multi_json (1.12.1)
    nokogiri (1.6.2.1)
      mini_portile (= 0.6.0)
    rack (1.6.4)
    rack-protection (1.5.3)
      rack
    rack-test (0.6.3)
      rack (>= 1.0)
    rspec (3.4.0)
      rspec-core (~> 3.4.0)
      rspec-expectations (~> 3.4.0)
      rspec-mocks (~> 3.4.0)
    rspec-core (3.4.4)
      rspec-support (~> 3.4.0)
    rspec-expectations (3.4.0)
      diff-lcs (>= 1.2.0, < 2.0)
      rspec-support (~> 3.4.0)
    rspec-mocks (3.4.1)
      diff-lcs (>= 1.2.0, < 2.0)
      rspec-support (~> 3.4.0)
    rspec-support (3.4.1)
    sinatra (1.4.7)
      rack (~> 1.5)
      rack-protection (~> 1.4)
      tilt (>= 1.3, < 3)
    sinatra-contrib (1.4.7)
      backports (>= 2.0)
      multi_json
      rack-protection
      rack-test
      sinatra (~> 1.4.0)
      tilt (>= 1.3, < 3)
    sinatra-reloader (1.0)
      sinatra-contrib
    tilt (2.0.5)

PLATFORMS
  ruby

DEPENDENCIES
  imdb (~> 0.8)
  rspec
  sinatra
  sinatra-reloader
